GEM
  remote: https://rubygems.org/
  specs:
    chatbot (0.0.4)
    rack (1.5.2)
    rack-protection (1.5.3)
      rack
    rake (0.9.6)
    sinatra (1.4.5)
      rack (~> 1.4)
      rack-protection (~> 1.4)
      tilt (~> 1.3, >= 1.3.4)
    tilt (1.4.1)

PLATFORMS
  ruby

DEPENDENCIES
  chatbot
  rake
  sinatra
